PATH
  remote: .
  specs:
    facy (0.0.1)

GEM
  remote: https://rubygems.org/
  specs:
    activesupport (4.0.4)
      i18n (~> 0.6, >= 0.6.9)
      minitest (~> 4.2)
      multi_json (~> 1.3)
      thread_safe (~> 0.1)
      tzinfo (~> 0.3.37)
    addressable (2.3.6)
    eventmachine (1.0.3)
    faraday (0.9.0)
      multipart-post (>= 1.2, < 3)
    i18n (0.6.9)
    koala (1.10.0)
      addressable
      faraday
      multi_json
    launchy (2.4.2)
      addressable (~> 2.3)
    minitest (4.7.5)
    multi_json (1.10.1)
    multipart-post (2.0.0)
    thread_safe (0.3.3)
    tzinfo (0.3.39)

PLATFORMS
  ruby

DEPENDENCIES
  activesupport (~> 4.0)
  bundler (~> 1.5)
  eventmachine (~> 1.0)
  facy!
  koala (~> 1.10)
  launchy (~> 2.4)
