PATH
  remote: .
  specs:
    facy (1.2.11)
      activesupport (~> 4.0)
      bundler (~> 1.5)
      eventmachine (~> 1.0)
      koala (~> 1.10)
      launchy (~> 2.4)
      rmagick (~> 2.13)

GEM
  remote: https://rubygems.org/
  specs:
    activesupport (4.1.5)
      i18n (~> 0.6, >= 0.6.9)
      json (~> 1.7, >= 1.7.7)
      minitest (~> 5.1)
      thread_safe (~> 0.1)
      tzinfo (~> 1.1)
    addressable (2.3.6)
    eventmachine (1.0.3)
    faraday (0.9.0)
      multipart-post (>= 1.2, < 3)
    i18n (0.6.11)
    json (1.8.1)
    koala (1.10.0)
      addressable
      faraday
      multi_json
    launchy (2.4.2)
      addressable (~> 2.3)
    minitest (5.4.0)
    multi_json (1.10.1)
    multipart-post (2.0.0)
    rmagick (2.13.3)
    thread_safe (0.3.4)
    tzinfo (1.2.2)
      thread_safe (~> 0.1)

PLATFORMS
  ruby

DEPENDENCIES
  facy!
